GEM
  remote: https://rubygems.org/
  specs:
    addressable (2.3.5)
    css_parser (1.3.5)
      addressable
    htmlentities (4.3.1)
    mail (2.5.4)
      mime-types (~> 1.16)
      treetop (~> 1.4.8)
    mime-types (1.25.1)
    mini_portile (0.5.2)
    nokogiri (1.6.1)
      mini_portile (~> 0.5.0)
    pakyow (0.8.0)
      bundler (~> 1.5)
      pakyow-core (= 0.8.0)
      pakyow-mailer (= 0.8.0)
      pakyow-presenter (= 0.8.0)
    pakyow-core (0.8.0)
      rack (~> 1.5)
    pakyow-mailer (0.8.0)
      mail (~> 2.5)
      pakyow-core (= 0.8.0)
      pakyow-presenter (= 0.8.0)
      premailer (~> 1.8)
    pakyow-presenter (0.8.0)
      nokogiri (~> 1.6)
      pakyow-core (= 0.8.0)
    polyglot (0.3.4)
    premailer (1.8.1)
      css_parser (>= 1.3.5)
      htmlentities (>= 4.0.0)
    puma (2.8.1)
      rack (>= 1.1, < 2.0)
    rack (1.5.2)
    treetop (1.4.15)
      polyglot
      polyglot (>= 0.3.1)

PLATFORMS
  ruby

DEPENDENCIES
  pakyow (= 0.8)
  puma
